GEM
  remote: https://rubygems.org/
  specs:
    concurrent-ruby (1.0.5)
    cpf_utils (1.3.0)
    faker (1.9.1)
      i18n (>= 0.7)
    i18n (1.1.0)
      concurrent-ruby (~> 1.0)

PLATFORMS
  ruby

DEPENDENCIES
  cpf_utils
  faker

BUNDLED WITH
   1.16.4
